PATH
  remote: .
  specs:
    mobility-actiontext (1.1.1)
      actiontext (>= 6.0)
      mobility (~> 1.2)

GEM
  remote: https://rubygems.org/
  specs:
    actionpack (7.1.4.2)
      actionview (= 7.1.4.2)
      activesupport (= 7.1.4.2)
      nokogiri (>= 1.8.5)
      racc
      rack (>= 2.2.4)
      rack-session (>= 1.0.1)
      rack-test (>= 0.6.3)
      rails-dom-testing (~> 2.2)
      rails-html-sanitizer (~> 1.6)
    actiontext (7.1.4.2)
      actionpack (= 7.1.4.2)
      activerecord (= 7.1.4.2)
      activestorage (= 7.1.4.2)
      activesupport (= 7.1.4.2)
      globalid (>= 0.6.0)
      nokogiri (>= 1.8.5)
    actionview (7.1.4.2)
      activesupport (= 7.1.4.2)
      builder (~> 3.1)
      erubi (~> 1.11)
      rails-dom-testing (~> 2.2)
      rails-html-sanitizer (~> 1.6)
    activejob (7.1.4.2)
      activesupport (= 7.1.4.2)
      globalid (>= 0.3.6)
    activemodel (7.1.4.2)
      activesupport (= 7.1.4.2)
    activerecord (7.1.4.2)
      activemodel (= 7.1.4.2)
      activesupport (= 7.1.4.2)
      timeout (>= 0.4.0)
    activestorage (7.1.4.2)
      actionpack (= 7.1.4.2)
      activejob (= 7.1.4.2)
      activerecord (= 7.1.4.2)
      activesupport (= 7.1.4.2)
      marcel (~> 1.0)
    activesupport (7.1.4.2)
      base64
      bigdecimal
      concurrent-ruby (~> 1.0, >= 1.0.2)
      connection_pool (>= 2.2.5)
      drb
      i18n (>= 1.6, < 2)
      minitest (>= 5.1)
      mutex_m
      tzinfo (~> 2.0)
    base64 (0.2.0)
    bigdecimal (3.1.8)
    builder (3.3.0)
    concurrent-ruby (1.3.4)
    connection_pool (2.4.1)
    crass (1.0.6)
    drb (2.2.1)
    erubi (1.13.0)
    globalid (1.2.1)
      activesupport (>= 6.1)
    i18n (1.14.6)
      concurrent-ruby (~> 1.0)
    loofah (2.23.1)
      crass (~> 1.0.2)
      nokogiri (>= 1.12.0)
    marcel (1.0.4)
    minitest (5.25.1)
    mobility (1.2.9)
      i18n (>= 0.6.10, < 2)
      request_store (~> 1.0)
    mutex_m (0.2.0)
    nokogiri (1.16.7-arm64-darwin)
      racc (~> 1.4)
    nokogiri (1.16.7-x86_64-linux)
      racc (~> 1.4)
    racc (1.8.1)
    rack (3.1.8)
    rack-session (2.0.0)
      rack (>= 3.0.0)
    rack-test (2.1.0)
      rack (>= 1.3)
    rails-dom-testing (2.2.0)
      activesupport (>= 5.0.0)
      minitest
      nokogiri (>= 1.6)
    rails-html-sanitizer (1.6.0)
      loofah (~> 2.21)
      nokogiri (~> 1.14)
    rake (13.2.1)
    request_store (1.7.0)
      rack (>= 1.4)
    sqlite3 (1.7.3-arm64-darwin)
    sqlite3 (1.7.3-x86_64-linux)
    timeout (0.4.1)
    tzinfo (2.0.6)
      concurrent-ruby (~> 1.0)

PLATFORMS
  arm64-darwin-23
  x86_64-linux

DEPENDENCIES
  mobility-actiontext!
  rake (~> 13.0)
  sqlite3 (~> 1.4)

BUNDLED WITH
   2.5.14
